GEM
  remote: https://rubygems.org/
  specs:
    categorical_distribution (0.1.0)
    em-proxy (0.1.9)
      eventmachine
    eventmachine (1.2.0.1)
    ffi (1.9.14)
    heroku-forward (0.4.0)
      em-proxy (>= 0.1.8)
      ffi
      i18n (~> 0.6)
      spoon (~> 0.0.1)
    i18n (0.7.0)
    multiset (0.5.1)
    rack (1.6.4)
    rack-protection (1.5.3)
      rack
    sinatra (1.4.7)
      rack (~> 1.5)
      rack-protection (~> 1.4)
      tilt (>= 1.3, < 3)
    spoon (0.0.6)
      ffi
    tilt (2.0.5)
    tqdm (0.3.0)

PLATFORMS
  ruby

DEPENDENCIES
  categorical_distribution
  heroku-forward
  multiset
  sinatra
  tqdm

BUNDLED WITH
   1.13.1
